GEM
  remote: http://rubygems.org/
  specs:
    byebug (10.0.2)
    mini_portile2 (2.6.1)
    multi_json (1.12.1)
    nokogiri (1.12.5)
      mini_portile2 (~> 2.6.1)
      racc (~> 1.4)
    nokogiri (1.12.5-x64-mingw32)
      racc (~> 1.4)
    nokogiri (1.12.5-x86-mingw32)
      racc (~> 1.4)
    racc (1.5.2)
    ray (0.2.1)
    tmx (0.1.5)
      multi_json (~> 1.0)
      nokogiri (~> 1.5)

PLATFORMS
  ruby
  x64-mingw32
  x86-mingw32

DEPENDENCIES
  byebug
  ray
  tmx

BUNDLED WITH
   1.16.0.pre.3
