GEM
  remote: http://rubygems.org/
  specs:
    byebug (11.1.3)
    multi_json (1.15.0)
    nokogiri (1.14.3-x86_64-darwin)
      racc (~> 1.4)
    nokogiri (1.14.3-x86_64-linux)
      racc (~> 1.4)
    racc (1.6.2)
    ray (0.2.1)
    tmx (0.1.5)
      multi_json (~> 1.0)
      nokogiri (~> 1.5)

PLATFORMS
  x86_64-darwin-17
  x86_64-linux

DEPENDENCIES
  byebug
  ray
  tmx

BUNDLED WITH
   2.2.9
