GEM
  remote: http://rubygems.org/
  specs:
    byebug (10.0.2)
    mini_portile2 (2.2.0)
    multi_json (1.12.1)
    nokogiri (1.8.0)
      mini_portile2 (~> 2.2.0)
    nokogiri (1.8.0-x64-mingw32)
      mini_portile2 (~> 2.2.0)
    nokogiri (1.8.0-x86-mingw32)
      mini_portile2 (~> 2.2.0)
    ray (0.2.1)
    tmx (0.1.5)
      multi_json (~> 1.0)
      nokogiri (~> 1.5)

PLATFORMS
  ruby
  x64-mingw32
  x86-mingw32

DEPENDENCIES
  byebug
  ray
  tmx

BUNDLED WITH
   1.16.0.pre.3
